GEM
  remote: https://rubygems.org/
  specs:
    guess_html_encoding (0.0.11)
    mini_portile2 (2.0.0)
    nokogiri (1.6.7.2)
      mini_portile2 (~> 2.0.0.rc2)
    puma (3.1.0)
    rack (1.6.4)
    rack-protection (1.5.3)
      rack
    ruby-readability (0.7.0)
      guess_html_encoding (>= 0.0.4)
      nokogiri (>= 1.6.0)
    sinatra (1.4.7)
      rack (~> 1.5)
      rack-protection (~> 1.4)
      tilt (>= 1.3, < 3)
    tilt (2.0.2)

PLATFORMS
  ruby

DEPENDENCIES
  puma
  ruby-readability
  sinatra

BUNDLED WITH
   1.11.2
